NUGET
  remote: https://nuget.org/api/v2
  specs:
    FAKE (4.7.3)
    FSharp.Core (4.0.0.1)
    Suave (0.32.1)
      FSharp.Core (>= 3.1.2.5)
